GEM
  remote: https://rubygems.org/
  specs:
    actioncable (7.0.2.4)
      actionpack (= 7.0.2.4)
      activesupport (= 7.0.2.4)
      nio4r (~> 2.0)
      websocket-driver (>= 0.6.1)
    actionmailbox (7.0.2.4)
      actionpack (= 7.0.2.4)
      activejob (= 7.0.2.4)
      activerecord (= 7.0.2.4)
      activestorage (= 7.0.2.4)
      activesupport (= 7.0.2.4)
      mail (>= 2.7.1)
      net-imap
      net-pop
      net-smtp
    actionmailer (7.0.2.4)
      actionpack (= 7.0.2.4)
      actionview (= 7.0.2.4)
      activejob (= 7.0.2.4)
      activesupport (= 7.0.2.4)
      mail (~> 2.5, >= 2.5.4)
      net-imap
      net-pop
      net-smtp
      rails-dom-testing (~> 2.0)
    actionpack (7.0.2.4)
      actionview (= 7.0.2.4)
      activesupport (= 7.0.2.4)
      rack (~> 2.0, >= 2.2.0)
      rack-test (>= 0.6.3)
      rails-dom-testing (~> 2.0)
      rails-html-sanitizer (~> 1.0, >= 1.2.0)
    actiontext (7.0.2.4)
      actionpack (= 7.0.2.4)
      activerecord (= 7.0.2.4)
      activestorage (= 7.0.2.4)
      activesupport (= 7.0.2.4)
      globalid (>= 0.6.0)
      nokogiri (>= 1.8.5)
    actionview (7.0.2.4)
      activesupport (= 7.0.2.4)
      builder (~> 3.1)
      erubi (~> 1.4)
      rails-dom-testing (~> 2.0)
      rails-html-sanitizer (~> 1.1, >= 1.2.0)
    activejob (7.0.2.4)
      activesupport (= 7.0.2.4)
      globalid (>= 0.3.6)
    activemodel (7.0.2.4)
      activesupport (= 7.0.2.4)
    activerecord (7.0.2.4)
      activemodel (= 7.0.2.4)
      activesupport (= 7.0.2.4)
    activestorage (7.0.2.4)
      actionpack (= 7.0.2.4)
      activejob (= 7.0.2.4)
      activerecord (= 7.0.2.4)
      activesupport (= 7.0.2.4)
      marcel (~> 1.0)
      mini_mime (>= 1.1.0)
    activesupport (7.0.2.4)
      concurrent-ruby (~> 1.0, >= 1.0.2)
      i18n (>= 1.6, < 2)
      minitest (>= 5.1)
      tzinfo (~> 2.0)
    addressable (2.8.0)
      public_suffix (>= 2.0.2, < 5.0)
    builder (3.2.4)
    colorator (1.1.0)
    concurrent-ruby (1.1.10)
    crass (1.0.6)
    digest (3.1.0)
    em-websocket (0.5.3)
      eventmachine (>= 0.12.9)
      http_parser.rb (~> 0)
    erubi (1.10.0)
    eventmachine (1.2.7)
    eventmachine (1.2.7-x64-mingw32)
    ffi (1.15.4)
    ffi (1.15.4-x64-mingw32)
    forwardable-extended (2.6.0)
    globalid (1.0.0)
      activesupport (>= 5.0)
    http_parser.rb (0.8.0)
    i18n (1.10.0)
      concurrent-ruby (~> 1.0)
    jekyll (4.2.1)
      addressable (~> 2.4)
      colorator (~> 1.0)
      em-websocket (~> 0.5)
      i18n (~> 1.0)
      jekyll-sass-converter (~> 2.0)
      jekyll-watch (~> 2.0)
      kramdown (~> 2.3)
      kramdown-parser-gfm (~> 1.0)
      liquid (~> 4.0)
      mercenary (~> 0.4.0)
      pathutil (~> 0.9)
      rouge (~> 3.0)
      safe_yaml (~> 1.0)
      terminal-table (~> 2.0)
    jekyll-analytics (0.1.14)
    jekyll-feed (0.15.1)
      jekyll (>= 3.7, < 5.0)
    jekyll-sass-converter (2.1.0)
      sassc (> 2.0.1, < 3.0)
    jekyll-seo-tag (2.7.1)
      jekyll (>= 3.8, < 5.0)
    jekyll-sitemap (1.4.0)
      jekyll (>= 3.7, < 5.0)
    jekyll-watch (2.2.1)
      listen (~> 3.0)
    kramdown (2.3.1)
      rexml
    kramdown-parser-gfm (1.1.0)
      kramdown (~> 2.0)
    liquid (4.0.3)
    listen (3.7.0)
      rb-fsevent (~> 0.10, >= 0.10.3)
      rb-inotify (~> 0.9, >= 0.9.10)
    loofah (2.16.0)
      crass (~> 1.0.2)
      nokogiri (>= 1.5.9)
    mail (2.7.1)
      mini_mime (>= 0.1.1)
    marcel (1.0.2)
    mercenary (0.4.0)
    method_source (1.0.0)
    mini_mime (1.1.2)
    mini_portile2 (2.8.0)
    minitest (5.15.0)
    net-imap (0.2.3)
      digest
      net-protocol
      strscan
    net-pop (0.1.1)
      digest
      net-protocol
      timeout
    net-protocol (0.1.3)
      timeout
    net-smtp (0.3.1)
      digest
      net-protocol
      timeout
    nio4r (2.5.8)
    nokogiri (1.13.6)
      mini_portile2 (~> 2.8.0)
      racc (~> 1.4)
    nokogiri (1.13.6-x64-mingw32)
      racc (~> 1.4)
    pathutil (0.16.2)
      forwardable-extended (~> 2.6)
    public_suffix (4.0.6)
    racc (1.6.0)
    rack (2.2.3)
    rack-test (1.1.0)
      rack (>= 1.0, < 3)
    rails (7.0.2.4)
      actioncable (= 7.0.2.4)
      actionmailbox (= 7.0.2.4)
      actionmailer (= 7.0.2.4)
      actionpack (= 7.0.2.4)
      actiontext (= 7.0.2.4)
      actionview (= 7.0.2.4)
      activejob (= 7.0.2.4)
      activemodel (= 7.0.2.4)
      activerecord (= 7.0.2.4)
      activestorage (= 7.0.2.4)
      activesupport (= 7.0.2.4)
      bundler (>= 1.15.0)
      railties (= 7.0.2.4)
    rails-dom-testing (2.0.3)
      activesupport (>= 4.2.0)
      nokogiri (>= 1.6)
    rails-html-sanitizer (1.4.2)
      loofah (~> 2.3)
    railties (7.0.2.4)
      actionpack (= 7.0.2.4)
      activesupport (= 7.0.2.4)
      method_source
      rake (>= 12.2)
      thor (~> 1.0)
      zeitwerk (~> 2.5)
    rake (13.0.6)
    rb-fsevent (0.11.0)
    rb-inotify (0.10.1)
      ffi (~> 1.0)
    rexml (3.2.5)
    rouge (3.27.0)
    safe_yaml (1.0.5)
    sassc (2.4.0)
      ffi (~> 1.9)
    sassc (2.4.0-x64-mingw32)
      ffi (~> 1.9)
    strscan (3.0.1)
    terminal-table (2.0.0)
      unicode-display_width (~> 1.1, >= 1.1.1)
    thor (1.2.1)
    timeout (0.2.0)
    tzinfo (2.0.4)
      concurrent-ruby (~> 1.0)
    unicode-display_width (1.8.0)
    wdm (0.1.1)
    webrick (1.7.0)
    websocket-driver (0.7.5)
      websocket-extensions (>= 0.1.0)
    websocket-extensions (0.1.5)
    zeitwerk (2.5.4)

PLATFORMS
  ruby
  x64-mingw32

DEPENDENCIES
  actionpack (>= 6.1.4.2)
  jekyll
  jekyll-analytics
  jekyll-feed
  jekyll-sass-converter
  jekyll-seo-tag
  jekyll-sitemap
  rails
  wdm
  webrick (~> 1.7)

BUNDLED WITH
   2.2.22
